PATH
  remote: .
  specs:
    hqmf2js (0.1.0)
      nokogiri (~> 1.4.4)

GEM
  remote: http://rubygems.org/
  specs:
    awesome_print (0.4.0)
    coderay (1.0.5)
    method_source (0.7.0)
    nokogiri (1.4.7)
    pry (0.9.8.2)
      coderay (~> 1.0.5)
      method_source (~> 0.7)
      slop (>= 2.4.4, < 3)
    rake (0.9.2.2)
    slop (2.4.4)
    test-unit (2.4.0)

PLATFORMS
  ruby

DEPENDENCIES
  awesome_print (~> 0.3)
  hqmf2js!
  pry
  rake
  test-unit
